GEM
  remote: https://rubygems.org/
  specs:
    activesupport (4.1.10)
      i18n (~> 0.6, >= 0.6.9)
      json (~> 1.7, >= 1.7.7)
      minitest (~> 5.1)
      thread_safe (~> 0.1)
      tzinfo (~> 1.1)
    coderay (1.1.0)
    i18n (0.7.0)
    icalendar (2.2.2)
    json (1.8.2)
    method_source (0.8.2)
    minitest (5.6.1)
    pry (0.10.1)
      coderay (~> 1.1.0)
      method_source (~> 0.8.1)
      slop (~> 3.4)
    slop (3.6.0)
    thread_safe (0.3.5)
    tzinfo (1.2.2)
      thread_safe (~> 0.1)

PLATFORMS
  ruby

DEPENDENCIES
  activesupport (~> 4.1.8)
  icalendar (~> 2.2.1)
  pry
